GEM
  remote: https://rubygems.org/
  specs:
    actioncable (6.1.4)
      actionpack (= 6.1.4)
      activesupport (= 6.1.4)
      nio4r (~> 2.0)
      websocket-driver (>= 0.6.1)
    actionmailbox (6.1.4)
      actionpack (= 6.1.4)
      activejob (= 6.1.4)
      activerecord (= 6.1.4)
      activestorage (= 6.1.4)
      activesupport (= 6.1.4)
      mail (>= 2.7.1)
    actionmailer (6.1.4)
      actionpack (= 6.1.4)
      actionview (= 6.1.4)
      activejob (= 6.1.4)
      activesupport (= 6.1.4)
      mail (~> 2.5, >= 2.5.4)
      rails-dom-testing (~> 2.0)
    actionpack (6.1.4)
      actionview (= 6.1.4)
      activesupport (= 6.1.4)
      rack (~> 2.0, >= 2.0.9)
      rack-test (>= 0.6.3)
      rails-dom-testing (~> 2.0)
      rails-html-sanitizer (~> 1.0, >= 1.2.0)
    actiontext (6.1.4)
      actionpack (= 6.1.4)
      activerecord (= 6.1.4)
      activestorage (= 6.1.4)
      activesupport (= 6.1.4)
      nokogiri (>= 1.8.5)
    actionview (6.1.4)
      activesupport (= 6.1.4)
      builder (~> 3.1)
      erubi (~> 1.4)
      rails-dom-testing (~> 2.0)
      rails-html-sanitizer (~> 1.1, >= 1.2.0)
    activejob (6.1.4)
      activesupport (= 6.1.4)
      globalid (>= 0.3.6)
    activemodel (6.1.4)
      activesupport (= 6.1.4)
    activerecord (6.1.4)
      activemodel (= 6.1.4)
      activesupport (= 6.1.4)
    activerecord-import (1.1.0)
      activerecord (>= 3.2)
    activestorage (6.1.4)
      actionpack (= 6.1.4)
      activejob (= 6.1.4)
      activerecord (= 6.1.4)
      activesupport (= 6.1.4)
      marcel (~> 1.0.0)
      mini_mime (>= 1.1.0)
    activesupport (6.1.4)
      concurrent-ruby (~> 1.0, >= 1.0.2)
      i18n (>= 1.6, < 2)
      minitest (>= 5.1)
      tzinfo (~> 2.0)
      zeitwerk (~> 2.3)
    addressable (2.8.0)
      public_suffix (>= 2.0.2, < 5.0)
    airbrussh (1.4.0)
      sshkit (>= 1.6.1, != 1.7.0)
    annotate (3.1.1)
      activerecord (>= 3.2, < 7.0)
      rake (>= 10.4, < 14.0)
    any_login (1.4.4)
      rails (>= 4.2.7)
    bcrypt (3.1.16)
    bindex (0.8.1)
    bootsnap (1.7.5)
      msgpack (~> 1.0)
    builder (3.2.4)
    byebug (11.1.3)
    capistrano (3.16.0)
      airbrussh (>= 1.0.0)
      i18n
      rake (>= 10.0.0)
      sshkit (>= 1.9.0)
    capistrano-bundler (2.0.1)
      capistrano (~> 3.1)
    capistrano-passenger (0.2.1)
      capistrano (~> 3.0)
    capistrano-rails (1.6.1)
      capistrano (~> 3.1)
      capistrano-bundler (>= 1.1, < 3)
    capistrano-rbenv (2.2.0)
      capistrano (~> 3.1)
      sshkit (~> 1.3)
    capistrano-sidekiq (2.0.0)
      capistrano (>= 3.9.0)
      capistrano-bundler
      sidekiq (>= 6.0)
    capybara (3.35.3)
      addressable
      mini_mime (>= 0.1.3)
      nokogiri (~> 1.8)
      rack (>= 1.6.0)
      rack-test (>= 0.6.3)
      regexp_parser (>= 1.5, < 3.0)
      xpath (~> 3.2)
    carrierwave (2.2.2)
      activemodel (>= 5.0.0)
      activesupport (>= 5.0.0)
      addressable (~> 2.6)
      image_processing (~> 1.1)
      marcel (~> 1.0.0)
      mini_mime (>= 0.1.3)
      ssrf_filter (~> 1.0)
    chartkick (4.0.4)
    ckeditor (5.1.0)
      orm_adapter (~> 0.5.0)
    coderay (1.1.3)
    concurrent-ruby (1.1.9)
    connection_pool (2.2.5)
    crass (1.0.6)
    devise (4.8.0)
      bcrypt (~> 3.0)
      orm_adapter (~> 0.1)
      railties (>= 4.1.0)
      responders
      warden (~> 1.2.3)
    diff-lcs (1.4.4)
    docile (1.4.0)
    dotenv (2.7.6)
    dotenv-rails (2.7.6)
      dotenv (= 2.7.6)
      railties (>= 3.2)
    e2mmap (0.1.0)
    elasticsearch (7.13.1)
      elasticsearch-api (= 7.13.1)
      elasticsearch-transport (= 7.13.1)
    elasticsearch-api (7.13.1)
      multi_json
    elasticsearch-model (7.1.1)
      activesupport (> 3)
      elasticsearch (> 1)
      hashie
    elasticsearch-transport (7.13.1)
      faraday (~> 1)
      multi_json
    erubi (1.10.0)
    et-orbi (1.2.4)
      tzinfo
    execjs (2.8.1)
    factory_bot (6.2.0)
      activesupport (>= 5.0.0)
    factory_bot_rails (6.2.0)
      factory_bot (~> 6.2.0)
      railties (>= 5.0.0)
    faker (2.18.0)
      i18n (>= 1.6, < 2)
    faraday (1.4.3)
      faraday-em_http (~> 1.0)
      faraday-em_synchrony (~> 1.0)
      faraday-excon (~> 1.1)
      faraday-net_http (~> 1.0)
      faraday-net_http_persistent (~> 1.1)
      multipart-post (>= 1.2, < 3)
      ruby2_keywords (>= 0.0.4)
    faraday-em_http (1.0.0)
    faraday-em_synchrony (1.0.0)
    faraday-excon (1.1.0)
    faraday-net_http (1.0.1)
    faraday-net_http_persistent (1.1.0)
    ffi (1.15.3)
    fugit (1.5.0)
      et-orbi (~> 1.1, >= 1.1.8)
      raabro (~> 1.4)
    globalid (0.4.2)
      activesupport (>= 4.2.0)
    groupdate (5.2.2)
      activesupport (>= 5)
    hashie (4.1.0)
    i18n (1.8.10)
      concurrent-ruby (~> 1.0)
    image_processing (1.12.1)
      mini_magick (>= 4.9.5, < 5)
      ruby-vips (>= 2.0.17, < 3)
    jbuilder (2.11.2)
      activesupport (>= 5.0.0)
    jwt (2.2.3)
    libv8-node (15.14.0.1)
    libv8-node (15.14.0.1-x86_64-linux)
    listen (3.5.1)
      rb-fsevent (~> 0.10, >= 0.10.3)
      rb-inotify (~> 0.9, >= 0.9.10)
    loofah (2.10.0)
      crass (~> 1.0.2)
      nokogiri (>= 1.5.9)
    mail (2.7.1)
      mini_mime (>= 0.1.1)
    marcel (1.0.1)
    meta-tags (2.14.0)
      actionpack (>= 3.2.0, < 6.2)
    method_source (1.0.0)
    mini_magick (4.11.0)
    mini_mime (1.1.0)
    mini_portile2 (2.5.3)
    mini_racer (0.4.0)
      libv8-node (~> 15.14.0.0)
    minitest (5.14.4)
    msgpack (1.4.2)
    multi_json (1.15.0)
    multi_xml (0.6.0)
    multipart-post (2.1.1)
    net-scp (3.0.0)
      net-ssh (>= 2.6.5, < 7.0.0)
    net-ssh (6.1.0)
    nio4r (2.5.7)
    nokogiri (1.11.7)
      mini_portile2 (~> 2.5.0)
      racc (~> 1.4)
    nokogiri (1.11.7-x86_64-linux)
      racc (~> 1.4)
    oauth2 (1.4.7)
      faraday (>= 0.8, < 2.0)
      jwt (>= 1.0, < 3.0)
      multi_json (~> 1.3)
      multi_xml (~> 0.5)
      rack (>= 1.2, < 3)
    omniauth (2.0.4)
      hashie (>= 3.4.6)
      rack (>= 1.6.2, < 3)
      rack-protection
    omniauth-google-oauth2 (1.0.0)
      jwt (>= 2.0)
      oauth2 (~> 1.1)
      omniauth (~> 2.0)
      omniauth-oauth2 (~> 1.7.1)
    omniauth-oauth2 (1.7.1)
      oauth2 (~> 1.4)
      omniauth (>= 1.9, < 3)
    omniauth-rails_csrf_protection (1.0.0)
      actionpack (>= 4.2)
      omniauth (~> 2.0)
    orm_adapter (0.5.0)
    pg (1.2.3)
    pry (0.14.1)
      coderay (~> 1.1)
      method_source (~> 1.0)
    public_suffix (4.0.6)
    puma (5.3.2)
      nio4r (~> 2.0)
    pundit (2.1.0)
      activesupport (>= 3.0.0)
    raabro (1.4.0)
    racc (1.5.2)
    rack (2.2.3)
    rack-protection (2.1.0)
      rack
    rack-proxy (0.7.0)
      rack
    rack-test (1.1.0)
      rack (>= 1.0, < 3)
    rails (6.1.4)
      actioncable (= 6.1.4)
      actionmailbox (= 6.1.4)
      actionmailer (= 6.1.4)
      actionpack (= 6.1.4)
      actiontext (= 6.1.4)
      actionview (= 6.1.4)
      activejob (= 6.1.4)
      activemodel (= 6.1.4)
      activerecord (= 6.1.4)
      activestorage (= 6.1.4)
      activesupport (= 6.1.4)
      bundler (>= 1.15.0)
      railties (= 6.1.4)
      sprockets-rails (>= 2.0.0)
    rails-controller-testing (1.0.5)
      actionpack (>= 5.0.1.rc1)
      actionview (>= 5.0.1.rc1)
      activesupport (>= 5.0.1.rc1)
    rails-dom-testing (2.0.3)
      activesupport (>= 4.2.0)
      nokogiri (>= 1.6)
    rails-html-sanitizer (1.3.0)
      loofah (~> 2.3)
    railties (6.1.4)
      actionpack (= 6.1.4)
      activesupport (= 6.1.4)
      method_source
      rake (>= 0.13)
      thor (~> 1.0)
    rainbow (3.0.0)
    rake (13.0.3)
    ransack (2.4.2)
      activerecord (>= 5.2.4)
      activesupport (>= 5.2.4)
      i18n
    rb-fsevent (0.11.0)
    rb-inotify (0.10.1)
      ffi (~> 1.0)
    react_on_rails (12.2.0)
      addressable
      connection_pool
      execjs (~> 2.5)
      rails (>= 3.2)
      rainbow (~> 3.0)
      webpacker (>= 4.0)
    redis (4.3.1)
    regexp_parser (2.1.1)
    responders (3.0.1)
      actionpack (>= 5.0)
      railties (>= 5.0)
    rspec-core (3.10.1)
      rspec-support (~> 3.10.0)
    rspec-expectations (3.10.1)
      diff-lcs (>= 1.2.0, < 2.0)
      rspec-support (~> 3.10.0)
    rspec-mocks (3.10.2)
      diff-lcs (>= 1.2.0, < 2.0)
      rspec-support (~> 3.10.0)
    rspec-rails (5.0.1)
      actionpack (>= 5.2)
      activesupport (>= 5.2)
      railties (>= 5.2)
      rspec-core (~> 3.10)
      rspec-expectations (~> 3.10)
      rspec-mocks (~> 3.10)
      rspec-support (~> 3.10)
    rspec-support (3.10.2)
    ruby-vips (2.1.2)
      ffi (~> 1.12)
    ruby2_keywords (0.0.4)
    rufus-scheduler (3.7.0)
      fugit (~> 1.1, >= 1.1.6)
    sass-rails (6.0.0)
      sassc-rails (~> 2.1, >= 2.1.1)
    sassc (2.4.0)
      ffi (~> 1.9)
    sassc-rails (2.1.2)
      railties (>= 4.0.0)
      sassc (>= 2.0)
      sprockets (> 3.0)
      sprockets-rails
      tilt
    semantic_range (3.0.0)
    sentry-rails (4.6.0)
      railties (>= 5.0)
      sentry-ruby-core (~> 4.6.0)
    sentry-ruby (4.6.0)
      concurrent-ruby (~> 1.0, >= 1.0.2)
      faraday (>= 1.0)
      sentry-ruby-core (= 4.6.0)
    sentry-ruby-core (4.6.0)
      concurrent-ruby
      faraday
    sentry-sidekiq (4.6.0)
      sentry-ruby-core (~> 4.6.0)
    shoulda-matchers (4.5.1)
      activesupport (>= 4.2.0)
    sidekiq (6.2.1)
      connection_pool (>= 2.2.2)
      rack (~> 2.0)
      redis (>= 4.2.0)
    sidekiq-scheduler (3.1.0)
      e2mmap
      redis (>= 3, < 5)
      rufus-scheduler (~> 3.2)
      sidekiq (>= 3)
      thwait
      tilt (>= 1.4.0)
    simple_form (5.1.0)
      actionpack (>= 5.2)
      activemodel (>= 5.2)
    simplecov (0.21.2)
      docile (~> 1.1)
      simplecov-html (~> 0.11)
      simplecov_json_formatter (~> 0.1)
    simplecov-html (0.12.3)
    simplecov_json_formatter (0.1.3)
    slim (4.1.0)
      temple (>= 0.7.6, < 0.9)
      tilt (>= 2.0.6, < 2.1)
    slim-rails (3.2.0)
      actionpack (>= 3.1)
      railties (>= 3.1)
      slim (>= 3.0, < 5.0)
    spring (2.1.1)
    sprockets (4.0.2)
      concurrent-ruby (~> 1.0)
      rack (> 1, < 3)
    sprockets-rails (3.2.2)
      actionpack (>= 4.0)
      activesupport (>= 4.0)
      sprockets (>= 3.0.0)
    sshkit (1.21.2)
      net-scp (>= 1.1.2)
      net-ssh (>= 2.8.0)
    ssrf_filter (1.0.7)
    temple (0.8.2)
    thor (1.1.0)
    thwait (0.2.0)
      e2mmap
    tilt (2.0.10)
    timecop (0.9.4)
    turbolinks (5.2.1)
      turbolinks-source (~> 5.2)
    turbolinks-source (5.2.0)
    tzinfo (2.0.4)
      concurrent-ruby (~> 1.0)
    warden (1.2.9)
      rack (>= 2.0.9)
    web-console (4.1.0)
      actionview (>= 6.0.0)
      activemodel (>= 6.0.0)
      bindex (>= 0.4.0)
      railties (>= 6.0.0)
    webpacker (5.4.0)
      activesupport (>= 5.2)
      rack-proxy (>= 0.6.1)
      railties (>= 5.2)
      semantic_range (>= 2.3.0)
    websocket-driver (0.7.5)
      websocket-extensions (>= 0.1.0)
    websocket-extensions (0.1.5)
    will_paginate (3.3.0)
    xpath (3.2.0)
      nokogiri (~> 1.8)
    zeitwerk (2.4.2)

PLATFORMS
  ruby
  x86_64-linux

DEPENDENCIES
  activerecord-import
  annotate
  any_login
  bootsnap (>= 1.4.4)
  byebug
  capistrano (~> 3.11)
  capistrano-passenger (~> 0.2.0)
  capistrano-rails (~> 1.4)
  capistrano-rbenv (~> 2.1, >= 2.1.4)
  capistrano-sidekiq
  capybara
  carrierwave
  chartkick
  ckeditor
  devise
  dotenv-rails
  elasticsearch (~> 7.13, >= 7.13.1)
  elasticsearch-model
  factory_bot_rails
  faker
  groupdate
  jbuilder (~> 2.7)
  listen (~> 3.3)
  meta-tags
  mini_magick
  mini_racer
  omniauth-google-oauth2
  omniauth-rails_csrf_protection
  pg (~> 1.1)
  pry
  puma (~> 5.0)
  pundit
  rails (~> 6.1.3, >= 6.1.3.2)
  rails-controller-testing
  ransack
  react_on_rails
  rspec-rails
  sass-rails (>= 6)
  sentry-rails
  sentry-ruby
  sentry-sidekiq
  shoulda-matchers (~> 4.0)
  sidekiq
  sidekiq-scheduler
  simple_form
  simplecov
  slim-rails
  spring
  timecop
  turbolinks (~> 5)
  tzinfo-data
  web-console (>= 4.1.0)
  webpacker (~> 5.0)
  will_paginate

RUBY VERSION
   ruby 2.7.2p137

BUNDLED WITH
   2.2.17
